GEM
  remote: http://rubygems.org/
  specs:
    addressable (2.2.2)
    builder (2.1.2)
    ci_reporter (1.6.3)
      builder (>= 2.1.2)
    crack (0.1.8)
    curb (0.7.8)
    diff-lcs (1.1.2)
    faraday (0.5.3)
      addressable (~> 2.2.2)
      multipart-post (~> 1.0.1)
      rack (>= 1.1.0, < 2)
    faraday_middleware (0.3.1)
      faraday (~> 0.5.3)
    git (1.2.5)
    jeweler (1.5.2)
      bundler (~> 1.0.0)
      git (>= 1.2.5)
      rake
    json (1.4.6)
    multi_json (0.0.5)
    multipart-post (1.0.1)
    rack (1.2.1)
    rake (0.8.7)
    rcov (0.9.9)
    rspec (2.3.0)
      rspec-core (~> 2.3.0)
      rspec-expectations (~> 2.3.0)
      rspec-mocks (~> 2.3.0)
    rspec-core (2.3.1)
    rspec-expectations (2.3.0)
      diff-lcs (~> 1.1.2)
    rspec-mocks (2.3.0)
    typhoeus (0.2.0)
    webmock (1.4.0)
      addressable (>= 2.2.2)
      crack (>= 0.1.7)
    will_paginate (3.0.pre2)
    yajl-ruby (0.7.8)

PLATFORMS
  ruby

DEPENDENCIES
  builder (= 2.1.2)
  ci_reporter (>= 1.6.3)
  curb
  faraday
  faraday_middleware
  jeweler
  json
  multi_json
  rcov
  rspec
  typhoeus
  webmock
  will_paginate (~> 3.0.pre2)
  yajl-ruby
