PATH
  remote: .
  specs:
    flexmls_api (0.6.4)
      addressable (~> 2.2.5)
      builder (>= 2.1.2, < 4.0.0)
      curb (~> 0.7.15)
      faraday (~> 0.6.1)
      faraday_middleware (~> 0.6.3)
      json (~> 1.5.1)
      multi_json (~> 1.0.0)
      will_paginate (>= 3.0.pre2, < 4.0.0)
      yajl-ruby (~> 0.8.2)

GEM
  remote: http://rubygems.org/
  specs:
    addressable (2.2.6)
    builder (3.0.0)
    ci_reporter (1.6.5)
      builder (>= 2.1.2)
    crack (0.1.8)
    curb (0.7.15)
    diff-lcs (1.1.2)
    faraday (0.6.1)
      addressable (~> 2.2.4)
      multipart-post (~> 1.1.0)
      rack (< 2, >= 1.1.0)
    faraday_middleware (0.6.5)
      faraday (~> 0.6.0)
    flexmls_gems (0.2.1)
      grit (~> 2.4.1)
    grit (2.4.1)
      diff-lcs (~> 1.1)
      mime-types (~> 1.15)
    json (1.5.3)
    mime-types (1.16)
    multi_json (1.0.3)
    multipart-post (1.1.3)
    rack (1.3.2)
    rake (0.9.2)
    rcov (0.9.10)
    rspec (2.3.0)
      rspec-core (~> 2.3.0)
      rspec-expectations (~> 2.3.0)
      rspec-mocks (~> 2.3.0)
    rspec-core (2.3.1)
    rspec-expectations (2.3.0)
      diff-lcs (~> 1.1.2)
    rspec-mocks (2.3.0)
    typhoeus (0.2.4)
      mime-types
      mime-types
    webmock (1.4.0)
      addressable (>= 2.2.2)
      crack (>= 0.1.7)
    will_paginate (3.0.0)
    yajl-ruby (0.8.3)

PLATFORMS
  ruby

DEPENDENCIES
  ci_reporter (~> 1.6.3)
  flexmls_api!
  flexmls_gems (~> 0.2.1)
  rake
  rcov (~> 0.9.9)
  rspec (~> 2.3.0)
  typhoeus (~> 0.2.0)
  webmock (~> 1.4.0)
